GEM
  remote: https://rubygems.org/
  specs:
    kramdown (2.4.0)
      rexml
    minitest (5.19.0)
    mustermann (3.0.0)
      ruby2_keywords (~> 0.0.1)
    rack (2.2.8)
    rack-protection (3.1.0)
      rack (~> 2.2, >= 2.2.4)
    rake (13.0.6)
    rexml (3.2.6)
    ruby2_keywords (0.0.5)
    sinatra (3.1.0)
      mustermann (~> 3.0)
      rack (~> 2.2, >= 2.2.4)
      rack-protection (= 3.1.0)
      tilt (~> 2.0)
    tilt (2.2.0)
    webrick (1.8.1)

PLATFORMS
  arm64-darwin-21
  arm64-darwin-22
  unknown
  x86_64-linux

DEPENDENCIES
  kramdown
  minitest
  rake
  sinatra
  webrick

RUBY VERSION
   ruby 3.2.2p53

BUNDLED WITH
   2.3.15
