GEM
  remote: https://rubygems.org/
  specs:
    kramdown (1.17.0)
    mustermann (1.0.2)
    openssl (2.1.1)
    rack (2.0.5)
    rack-protection (2.0.2)
      rack
    sinatra (2.0.2)
      mustermann (~> 1.0)
      rack (~> 2.0)
      rack-protection (= 2.0.2)
      tilt (~> 2.0)
    tilt (2.0.8)

PLATFORMS
  ruby

DEPENDENCIES
  kramdown
  openssl
  sinatra

BUNDLED WITH
   1.16.3
