GEM
  remote: https://rubygems.org/
  specs:
    kramdown (2.4.0)
      rexml
    minitest (5.16.2)
    mustermann (1.1.1)
      ruby2_keywords (~> 0.0.1)
    rack (2.2.4)
    rack-protection (2.2.0)
      rack
    rake (13.0.6)
    rexml (3.2.5)
    ruby2_keywords (0.0.5)
    sinatra (2.2.0)
      mustermann (~> 1.0)
      rack (~> 2.2)
      rack-protection (= 2.2.0)
      tilt (~> 2.0)
    tilt (2.0.10)
    webrick (1.7.0)

PLATFORMS
  arm64-darwin-21
  arm64-darwin-22
  unknown
  x86_64-linux

DEPENDENCIES
  kramdown
  minitest
  rake
  sinatra
  webrick

RUBY VERSION
   ruby 3.0.5p211

BUNDLED WITH
   2.3.15
